PATH
  remote: .
  specs:
    pin_payment (0.5.0)

GEM
  remote: https://rubygems.org/
  specs:
    fakeweb (1.3.0)
    rake (10.0.4)
    yard (0.8.6.1)

PLATFORMS
  ruby

DEPENDENCIES
  fakeweb
  pin_payment!
  rake
  yard
